GEM
  remote: https://rubygems.org/
  specs:
    concurrent-ruby (1.0.4)
    json (2.0.3)
    mail (2.6.4)
      mime-types (>= 1.16, < 4)
    mime-types (2.99.3)
    puma (3.6.2)
    rack (1.6.5)
    rack-cache (1.2)
      rack (>= 0.4)
    rake (10.5.0)
    rmagick (2.16.0)
    trenni (1.4.5)
    utopia (1.2.4)
      concurrent-ruby (~> 1.0.0)
      mail (~> 2.6.1)
      mime-types (~> 2.0)
      rack (~> 1.6)
      rack-cache (~> 1.2.0)
      trenni (~> 1.4.5)
    utopia-tags-gallery (1.0.2)
      rmagick
      utopia (~> 1.0)
    utopia-tags-google-analytics (1.0.1)
      json
      utopia (~> 1.0)

PLATFORMS
  ruby

DEPENDENCIES
  puma
  rake (~> 10.5.0)
  utopia (~> 1.2.3)
  utopia-tags-gallery
  utopia-tags-google-analytics

BUNDLED WITH
   1.13.6
