GEM
  remote: https://rubygems.org/
  specs:
    mail (2.6.3)
      mime-types (>= 1.16, < 3)
    mime-types (2.4.3)
    mini_portile (0.6.2)
    nokogiri (1.6.6.2)
      mini_portile (~> 0.6.0)
    puma (2.11.1)
      rack (>= 1.1, < 2.0)
    rack (1.6.0)
    rack-cache (1.2)
      rack (>= 0.4)
    rmagick (2.14.0)
    trenni (1.4.1)
    utopia (1.0.6)
      mail (~> 2.6.1)
      mime-types (~> 2.0)
      rack (~> 1.5)
      rack-cache (~> 1.2.0)
      trenni (~> 1.4.1)
    utopia-tags-gallery (1.0.1)
      rmagick
      utopia (~> 1.0)
    utopia-tags-google-analytics (1.0.0)
      utopia (~> 1.0.0)
    xapian-core (1.2.20.2)
    xapian-indexer (1.2.20.1)
      nokogiri
      xapian-core (~> 1.2.20)
    xapian-rack (1.2.20.1)
      xapian-indexer (~> 1.2.20)

PLATFORMS
  ruby

DEPENDENCIES
  puma
  utopia (~> 1.0.6)
  utopia-tags-gallery
  utopia-tags-google-analytics
  xapian-rack
